{
	"Modality": "MR",
	"MagneticFieldStrength": 3,
	"ImagingFrequency": 123.26,
	"Manufacturer": "Siemens",
	"ManufacturersModelName": "Prisma_fit",
	"InstitutionName": "Max-Planck-Institut",
	"InstitutionalDepartmentName": "Department",
	"InstitutionAddress": "Stephanstrasse 1A,Leipzig,District,DE,04103",
	"DeviceSerialNumber": "67037",
	"StationName": "TRIOSYS",
	"BodyPartExamined": "HEADNECK",
	"PatientPosition": "HFS",
	"ProcedureStepDescription": "MPIL_Prisma^Studies^TE_ZShims",
	"SoftwareVersions": "syngo MR E11",
	"MRAcquisitionType": "2D",
	"SeriesDescription": "ninEPI_bold_v12B_zs_ZShimAuto_r05_p01_t55_func",
	"ProtocolName": "ninEPI_bold_v12B_zs_ZShimAuto_r05_p01_t55_func",
	"ScanningSequence": "EP",
	"SequenceVariant": "SK",
	"ScanOptions": "PFP\\SAT2\\FS",
	"SequenceName": "nEPfid2d1_128",
	"ImageType": ["ORIGINAL", "PRIMARY", "M", "ND", "NORM", "MOSAIC"],
	"SeriesNumber": 39,
	"AcquisitionTime": "10:54:52.102500",
	"AcquisitionNumber": 1,
	"SliceThickness": 5,
	"SpacingBetweenSlices": 5,
	"SAR": 0.225113,
	"EchoTime": 0.055,
	"RepetitionTime": 1.8,
	"FlipAngle": 75,
	"PartialFourier": 0.75,
	"BaseResolution": 128,
	"ShimSetting": [
		-5276,
		-8914,
		-5250,
		-984,
		680,
		2389,
		100,
		-192	],
	"TxRefAmp": 281.594,
	"PhaseResolution": 1,
	"ReceiveCoilName": "HeadNeck_64",
	"ReceiveCoilActiveElements": "HC7;NC1,2",
	"PulseSequenceDetails": "%CustomerSeq%\\ninEPI_bold_v12B_zs",
	"RefLinesPE": 36,
	"ConsistencyInfo": "N4_VE11E_LATEST_20181129",
	"PercentPhaseFOV": 100,
	"PercentSampling": 100,
	"PhaseEncodingSteps": 100,
	"AcquisitionMatrixPE": 128,
	"ReconMatrixPE": 128,
	"BandwidthPerPixelPhaseEncode": 16.801,
	"ParallelReductionFactorInPlane": 2,
	"EffectiveEchoSpacing": 0.000465002,
	"DerivedVendorReportedEchoSpacing": 0.000930004,
	"TotalReadoutTime": 0.0590553,
	"PixelBandwidth": 1220,
	"DwellTime": 3.2e-06,
	"PhaseEncodingDirection": "j-",
	"SliceTiming": [
		1.6875,
		1.575,
		1.4625,
		1.35,
		1.2375,
		1.125,
		1.0125,
		0.9,
		0.7875,
		0.675,
		0.5625,
		0.45,
		0.3375,
		0.225,
		0.1125,
		0	],
	"ImageOrientationPatientDICOM": [
		1,
		0,
		0,
		0,
		0.987688,
		0.156434	],
	"InPlanePhaseEncodingDirectionDICOM": "COL",
	"ConversionSoftware": "dcm2niix",
	"ConversionSoftwareVersion": "v1.0.20210317"
}
